PATH
  remote: .
  specs:
    jira_export (0.1.0)
      httparty
      rest-client (<= 1.8.0)

GEM
  remote: https://rubygems.org/
  specs:
    coderay (1.1.1)
    domain_name (0.5.20160826)
      unf (>= 0.0.5, < 1.0.0)
    gem-release (0.7.4)
    http-cookie (1.0.2)
      domain_name (~> 0.5)
    httparty (0.14.0)
      multi_xml (>= 0.5.2)
    method_source (0.8.2)
    mime-types (2.99.3)
    multi_xml (0.5.5)
    netrc (0.11.0)
    pry (0.10.4)
      coderay (~> 1.1.0)
      method_source (~> 0.8.1)
      slop (~> 3.4)
    rest-client (1.8.0)
      http-cookie (>= 1.0.2, < 2.0)
      mime-types (>= 1.16, < 3.0)
      netrc (~> 0.7)
    slop (3.6.0)
    unf (0.1.4)
      unf_ext
    unf_ext (0.0.7.2)

PLATFORMS
  ruby

DEPENDENCIES
  bundler (~> 1.13)
  gem-release
  httparty
  jira_export!
  pry
  rest-client (<= 1.8.0)

BUNDLED WITH
   1.13.1
